GEM
  remote: https://rubygems.org/
  specs:
    dotenv (0.7.0)
    foreman (0.67.0)
      dotenv (~> 0.7.0)
      thor (~> 0.17.0)
    mustermann (1.1.1)
      ruby2_keywords (~> 0.0.1)
    rack (2.2.3)
    rack-protection (2.0.8.1)
      rack
    rake (10.3.2)
    ruby2_keywords (0.0.2)
    sinatra (2.0.8.1)
      mustermann (~> 1.0)
      rack (~> 2.0)
      rack-protection (= 2.0.8.1)
      tilt (~> 2.0)
    thor (0.17.0)
    tilt (2.0.10)

PLATFORMS
  ruby

DEPENDENCIES
  foreman
  rake
  sinatra (>= 2.0.0)

BUNDLED WITH
   1.17.3
